PATH
  remote: .
  specs:
    certmeister-rack (2.0.1)
      certmeister (~> 2.0)
      rack (~> 1.5)

GEM
  remote: https://rubygems.org/
  specs:
    certmeister (2.0.0)
    rack (1.5.2)
    rack-test (0.6.2)
      rack (>= 1.0)

PLATFORMS
  ruby

DEPENDENCIES
  certmeister-rack!
  rack-test (~> 0.6)
