PATH
  remote: .
  specs:
    certmeister-rack (2.1.0)
      certmeister (~> 2.1)
      rack (~> 1.5)

GEM
  remote: https://rubygems.org/
  specs:
    certmeister (2.1.0)
    diff-lcs (1.2.5)
    rack (1.5.2)
    rack-test (0.6.2)
      rack (>= 1.0)
    rake (10.4.2)
    rspec (3.2.0)
      rspec-core (~> 3.2.0)
      rspec-expectations (~> 3.2.0)
      rspec-mocks (~> 3.2.0)
    rspec-core (3.2.1)
      rspec-support (~> 3.2.0)
    rspec-expectations (3.2.0)
      diff-lcs (>= 1.2.0, < 2.0)
      rspec-support (~> 3.2.0)
    rspec-mocks (3.2.1)
      diff-lcs (>= 1.2.0, < 2.0)
      rspec-support (~> 3.2.0)
    rspec-support (3.2.2)

PLATFORMS
  ruby

DEPENDENCIES
  certmeister-rack!
  rack-test (~> 0.6)
  rake (~> 10.4.2)
  rspec (~> 3.1)
